PATH
  remote: .
  specs:
    sinatra-pretty-flash (0.0.1)
      rack-flash3
      sinatra

GEM
  remote: https://rubygems.org/
  specs:
    rack (1.5.2)
    rack-flash3 (1.0.5)
      rack
    rack-protection (1.5.3)
      rack
    sinatra (1.4.5)
      rack (~> 1.4)
      rack-protection (~> 1.4)
      tilt (~> 1.3, >= 1.3.4)
    tilt (1.4.1)

PLATFORMS
  ruby

DEPENDENCIES
  sinatra-pretty-flash!
